GIT
  remote: git://github.com/CocoaPods/CocoaPods.git
  revision: 92aa8a2c45ea178f68307f1ef83fe107fbf59189
  branch: master
  specs:
    cocoapods (0.27.1)
      activesupport (>= 3.2.15, < 4)
      claide (~> 0.3.2)
      cocoapods-core (= 0.27.1)
      cocoapods-downloader (~> 0.2.0)
      colored (~> 1.2)
      escape (~> 0.0.4)
      json_pure (~> 1.8)
      open4 (~> 1.3)
      xcodeproj (~> 0.14.0)

GIT
  remote: git://github.com/CocoaPods/Xcodeproj.git
  revision: 33d4a70380f1a141dec3a7da727e7c77ed191e0e
  branch: master
  specs:
    xcodeproj (0.14.0)
      activesupport (~> 3.0)
      colored (~> 1.2)

GEM
  remote: http://rubygems.org/
  specs:
    activesupport (3.2.15)
      i18n (~> 0.6, >= 0.6.4)
      multi_json (~> 1.0)
    claide (0.3.2)
    cocoapods-core (0.27.1)
      activesupport (>= 3.2.15, < 4)
      json_pure (~> 1.8)
      nap (~> 0.5)
    cocoapods-downloader (0.2.0)
    colored (1.2)
    escape (0.0.4)
    i18n (0.6.5)
    json_pure (1.8.1)
    multi_json (1.8.2)
    nap (0.5.1)
    open4 (1.3.0)
    rake (10.1.0)

PLATFORMS
  ruby

DEPENDENCIES
  cocoapods!
  rake
  xcodeproj!
