GIT
  remote: git://github.com/CocoaPods/CocoaPods.git
  revision: b5a8905d06fddc8a60925bcf3c2c41671af1f22f
  branch: master
  specs:
    cocoapods (0.22.3)
      activesupport (~> 3.2.13)
      claide (~> 0.3.2)
      cocoapods-core (= 0.22.3)
      cocoapods-downloader (~> 0.1.1)
      colored (~> 1.2)
      escape (~> 0.0.4)
      json (~> 1.8.0)
      open4 (~> 1.3.0)
      xcodeproj (~> 0.8.1)

GIT
  remote: git://github.com/CocoaPods/Core.git
  revision: 92692426f9ed7a5daee4ee1521e47cc716dce3e9
  branch: master
  specs:
    cocoapods-core (0.22.3)
      activesupport (~> 3.2.13)
      json (~> 1.8.0)
      nap (~> 0.5.1)

GEM
  remote: http://rubygems.org/
  specs:
    activesupport (3.2.14)
      i18n (~> 0.6, >= 0.6.4)
      multi_json (~> 1.0)
    claide (0.3.2)
    cocoapods-downloader (0.1.1)
    colored (1.2)
    escape (0.0.4)
    i18n (0.6.4)
    json (1.8.0)
    multi_json (1.7.7)
    nap (0.5.1)
    open4 (1.3.0)
    rake (10.1.0)
    xcodeproj (0.8.1)
      activesupport (~> 3.2.13)
      colored (~> 1.2)

PLATFORMS
  ruby

DEPENDENCIES
  cocoapods!
  cocoapods-core!
  rake
