GIT
  remote: git://github.com/CocoaPods/CocoaPods.git
  revision: 540185c91c4e3af67f2d125712d062df346039dc
  branch: master
  specs:
    cocoapods (0.28.0)
      activesupport (>= 3.2.15, < 4)
      claide (~> 0.4.0)
      cocoapods-core (= 0.28.0)
      cocoapods-downloader (~> 0.2.0)
      cocoapods-try (~> 0.1.0)
      colored (~> 1.2)
      escape (~> 0.0.4)
      json_pure (~> 1.8)
      nap (~> 0.5)
      open4 (~> 1.3)
      xcodeproj (~> 0.14.1)

GIT
  remote: git://github.com/CocoaPods/Core.git
  revision: e82b1c846c85486f725fab849ec0d1bab5631dc7
  branch: master
  specs:
    cocoapods-core (0.28.0)
      activesupport (>= 3.2.15, < 4)
      fuzzy_match (~> 2.0.4)
      json (~> 1.8)
      nap (~> 0.5)

GIT
  remote: git://github.com/CocoaPods/Xcodeproj.git
  revision: ceae7a7be45e760830ee95a7b4481bdab6df149d
  branch: master
  specs:
    xcodeproj (0.14.1)
      activesupport (~> 3.0)
      colored (~> 1.2)
      rake

GEM
  remote: http://rubygems.org/
  specs:
    activesupport (3.2.16)
      i18n (~> 0.6, >= 0.6.4)
      multi_json (~> 1.0)
    claide (0.4.0)
    cocoapods-downloader (0.2.0)
    cocoapods-try (0.1.0)
    colored (1.2)
    escape (0.0.4)
    fuzzy_match (2.0.4)
    i18n (0.6.9)
    json (1.8.1)
    json_pure (1.8.1)
    multi_json (1.8.2)
    nap (0.6.0)
    open4 (1.3.0)
    rake (10.1.1)

PLATFORMS
  ruby

DEPENDENCIES
  cocoapods!
  cocoapods-core!
  rake
  xcodeproj!
