GIT
  remote: git://github.com/CocoaPods/CocoaPods.git
  revision: c2b3924c41cc26ed0e05c210991d7d90d34f53c2
  specs:
    cocoapods (0.17.0.rc5)
      activesupport (~> 3.2.6)
      claide (~> 0.2.0)
      cocoapods-core (= 0.17.0.rc5)
      cocoapods-downloader (~> 0.1.0)
      colored (~> 1.2)
      escape (~> 0.0.4)
      faraday (~> 0.8.1)
      json (~> 1.7.3)
      octokit (~> 1.7)
      open4 (~> 1.3.0)
      rake (~> 10.0.0)
      xcodeproj (~> 0.5.2)

GIT
  remote: git://github.com/CocoaPods/Core.git
  revision: 9178d2085f591110c37dc631436f00faa88377b1
  specs:
    cocoapods-core (0.17.0.rc5)
      activesupport (~> 3.2.6)
      faraday (~> 0.8.1)
      octokit (~> 1.7)
      rake (~> 10.0.0)

GEM
  remote: http://rubygems.org/
  specs:
    activesupport (3.2.13)
      i18n (= 0.6.1)
      multi_json (~> 1.0)
    addressable (2.3.3)
    claide (0.2.0)
    cocoapods-downloader (0.1.0)
    colored (1.2)
    escape (0.0.4)
    faraday (0.8.6)
      multipart-post (~> 1.1)
    faraday_middleware (0.9.0)
      faraday (>= 0.7.4, < 0.9)
    hashie (1.2.0)
    i18n (0.6.1)
    json (1.7.7)
    multi_json (1.7.1)
    multipart-post (1.2.0)
    netrc (0.7.7)
    octokit (1.23.0)
      addressable (~> 2.2)
      faraday (~> 0.8)
      faraday_middleware (~> 0.9)
      hashie (~> 1.2)
      multi_json (~> 1.3)
      netrc (~> 0.7.7)
    open4 (1.3.0)
    rake (10.0.3)
    xcodeproj (0.5.2)
      activesupport (~> 3.2.6)
      colored (~> 1.2)

PLATFORMS
  ruby

DEPENDENCIES
  cocoapods!
  cocoapods-core!
  rake
